PATH
  remote: .
  specs:
    bourne (1.0)
      mocha (= 0.9.12)

GEM
  remote: http://rubygems.org/
  specs:
    mocha (0.9.12)
    rake (0.9.2.2)

PLATFORMS
  ruby

DEPENDENCIES
  bourne!
  rake
