PATH
  remote: .
  specs:
    bourne (1.1.1)
      mocha (= 0.10.4)

GEM
  remote: http://rubygems.org/
  specs:
    metaclass (0.0.1)
    mocha (0.10.4)
      metaclass (~> 0.0.1)
    rake (0.9.2.2)

PLATFORMS
  ruby

DEPENDENCIES
  bourne!
  rake
